GEM
  remote: https://rubygems.org/
  remote: https://rails-assets.org/
  specs:
    activesupport (4.1.15)
      i18n (~> 0.6, >= 0.6.9)
      json (~> 1.7, >= 1.7.7)
      minitest (~> 5.1)
      thread_safe (~> 0.1)
      tzinfo (~> 1.1)
    addressable (2.3.6)
    asciidoctor (0.1.4)
    bootstrap-sass (3.2.0.0)
      sass (~> 3.2)
    builder (3.2.2)
    celluloid (0.16.0)
      timers (~> 4.0.0)
    chronic (0.10.2)
    chunky_png (1.3.5)
    coderay (1.1.0)
    coffee-script (2.4.1)
      coffee-script-source
      execjs
    coffee-script-source (1.10.0)
    commonjs (0.2.7)
    compass (1.0.3)
      chunky_png (~> 1.2)
      compass-core (~> 1.0.2)
      compass-import-once (~> 1.0.5)
      rb-fsevent (>= 0.9.3)
      rb-inotify (>= 0.9)
      sass (>= 3.3.13, < 3.5)
    compass-core (1.0.3)
      multi_json (~> 1.0)
      sass (>= 3.3.0, < 3.5)
    compass-import-once (1.0.5)
      sass (>= 3.2, < 3.5)
    curb (0.8.6)
    docile (1.1.5)
    em-websocket (0.5.1)
      eventmachine (>= 0.12.9)
      http_parser.rb (~> 0.6.0)
    erubis (2.7.0)
    eventmachine (1.2.0.1)
    execjs (2.6.0)
    expression_parser (0.9.0)
    favicon_maker (1.3)
      docile (~> 1.1)
    feedjira (1.3.0)
      curb (~> 0.8.1)
      loofah (~> 2.0.0)
      sax-machine (~> 0.2.1)
    ffi (1.9.10)
    font-awesome-middleman (4.1.1)
      middleman-core (>= 3.0.0)
    haml (4.0.7)
      tilt
    hike (1.2.3)
    hitimes (1.2.3)
    hooks (0.4.1)
      uber (~> 0.0.14)
    http_parser.rb (0.6.0)
    i18n (0.7.0)
    icalendar (1.5.4)
    json (1.8.3)
    kramdown (1.10.0)
    launchy (2.4.2)
      addressable (~> 2.3)
    less (2.6.0)
      commonjs (~> 0.2.7)
    libv8 (3.16.14.3)
    listen (2.10.1)
      celluloid (~> 0.16.0)
      rb-fsevent (>= 0.9.3)
      rb-inotify (>= 0.9)
    loofah (2.0.0)
      nokogiri (>= 1.5.9)
    middleman (3.3.12)
      coffee-script (~> 2.2)
      compass (>= 1.0.0, < 2.0.0)
      compass-import-once (= 1.0.5)
      execjs (~> 2.0)
      haml (>= 4.0.5)
      kramdown (~> 1.2)
      middleman-core (= 3.3.12)
      middleman-sprockets (>= 3.1.2)
      sass (>= 3.4.0, < 4.0)
      uglifier (~> 2.5)
    middleman-blog (3.5.3)
      addressable (~> 2.3.5)
      middleman-core (~> 3.2)
      tzinfo (>= 0.3.0)
    middleman-core (3.3.12)
      activesupport (~> 4.1.0)
      bundler (~> 1.1)
      erubis
      hooks (~> 0.3)
      i18n (~> 0.7.0)
      listen (>= 2.7.9, < 3.0)
      padrino-helpers (~> 0.12.3)
      rack (>= 1.4.5, < 2.0)
      rack-test (~> 0.6.2)
      thor (>= 0.15.2, < 2.0)
      tilt (~> 1.4.1, < 2.0)
    middleman-deploy (0.2.4)
      middleman-core (>= 3.0.0)
      net-sftp
      ptools
    middleman-favicon-maker (3.7)
      favicon_maker (~> 1.3)
      middleman-core (>= 3.0.0)
    middleman-livereload (3.4.6)
      em-websocket (~> 0.5.1)
      middleman-core (>= 3.3)
      rack-livereload (~> 0.3.15)
    middleman-piwik (0.2.0)
      middleman-core (~> 3.2)
    middleman-sprockets (3.3.2)
      middleman-core (>= 3.2)
      sprockets (~> 2.2)
      sprockets-helpers (~> 1.1.0)
      sprockets-sass (~> 1.0.0)
    middleman-syntax (2.0.0)
      middleman-core (~> 3.2)
      rouge (~> 1.0)
    mini_portile (0.6.0)
    minitest (5.8.4)
    multi_json (1.11.3)
    net-sftp (2.1.2)
      net-ssh (>= 2.6.5)
    net-ssh (2.9.1)
    nokogiri (1.6.3.1)
      mini_portile (= 0.6.0)
    oj (2.9.9)
    open-uri-cached (0.0.5)
    padrino-helpers (0.12.5)
      i18n (~> 0.6, >= 0.6.7)
      padrino-support (= 0.12.5)
      tilt (~> 1.4.1)
    padrino-support (0.12.5)
      activesupport (>= 3.1)
    ptools (1.2.6)
    rack (1.6.4)
    rack-livereload (0.3.16)
      rack
    rack-test (0.6.3)
      rack (>= 1.0)
    rails-assets-chartjs (1.0.2)
    rails-assets-fullcalendar (2.4.0)
      rails-assets-jquery (>= 1.7.1)
      rails-assets-moment (>= 2.5.0)
    rails-assets-jquery (1.12.2)
    rails-assets-moment (2.10.6)
    rails-assets-momentjs (2.10.6)
    rb-fsevent (0.9.7)
    rb-inotify (0.9.7)
      ffi (>= 0.5.0)
    ref (1.0.5)
    reverse_markdown (0.5.1)
      nokogiri
    rinku (1.7.3)
    rouge (1.5.1)
    ruby18_source_location (0.2)
    sass (3.4.22)
    sax-machine (0.2.1)
      nokogiri (~> 1.6.0)
    slop (4.3.0)
    sprockets (2.12.4)
      hike (~> 1.2)
      multi_json (~> 1.0)
      rack (~> 1.0)
      tilt (~> 1.1, != 1.3.0)
    sprockets-helpers (1.1.0)
      sprockets (~> 2.0)
    sprockets-sass (1.0.3)
      sprockets (~> 2.0)
      tilt (~> 1.1)
    stringex (2.5.2)
    therubyracer (0.12.1)
      libv8 (~> 3.16.14.0)
      ref
    thor (0.19.1)
    thread_safe (0.3.5)
    tilt (1.4.1)
    timers (4.0.4)
      hitimes
    tzinfo (1.2.2)
      thread_safe (~> 0.1)
    uber (0.0.15)
    uglifier (2.7.2)
      execjs (>= 0.3.0)
      json (>= 1.8.0)
    wikicloth (0.8.1)
      builder
      expression_parser
      rinku

PLATFORMS
  ruby

DEPENDENCIES
  asciidoctor
  bootstrap-sass
  builder (~> 3.0)
  chronic
  coderay
  compass (~> 1.0.0.alpha.21)
  feedjira
  font-awesome-middleman
  icalendar (~> 1.5)
  kramdown
  launchy
  less
  middleman (~> 3.3.3)
  middleman-blog
  middleman-deploy
  middleman-favicon-maker
  middleman-livereload
  middleman-piwik
  middleman-sprockets (= 3.3.2)
  middleman-syntax
  nokogiri
  oj
  open-uri-cached
  rails-assets-chartjs (~> 1.0)!
  rails-assets-fullcalendar!
  rails-assets-jquery!
  rails-assets-momentjs!
  reverse_markdown
  ruby18_source_location
  slop (~> 4)
  stringex
  therubyracer
  wdm (~> 0.1.0)
  wikicloth

BUNDLED WITH
   1.10.6
